GIT
  remote: git://github.com/stas/guard-phantomjs-jasmine.git
  revision: 3221a74391a44141f8a9aabc68e5d4dcf83d5ed7
  specs:
    guard-phantomjs-jasmine (0.0.1)
      guard

GEM
  remote: http://rubygems.org/
  specs:
    ffi (1.1.5)
    guard (1.3.2)
      listen (>= 0.4.2)
      thor (>= 0.14.6)
    listen (0.5.0)
    rake (10.0.3)
    rb-inotify (0.8.8)
      ffi (>= 0.5.0)
    thor (0.16.0)

PLATFORMS
  ruby

DEPENDENCIES
  guard-phantomjs-jasmine!
  rake
  rb-inotify
