GIT
  remote: git://github.com/stas/guard-phantomjs-jasmine.git
  revision: c0b225fe2c3f8b0154e5f2a4c4c45ccc542f77fe
  specs:
    guard-phantomjs-jasmine (0.0.1)
      guard

GEM
  remote: http://rubygems.org/
  specs:
    ffi (1.1.5)
    guard (1.3.2)
      listen (>= 0.4.2)
      thor (>= 0.14.6)
    listen (0.5.0)
    rb-inotify (0.8.8)
      ffi (>= 0.5.0)
    thor (0.16.0)

PLATFORMS
  ruby

DEPENDENCIES
  guard-phantomjs-jasmine!
  rb-inotify
