GIT
  remote: git://github.com/davidsevcik/guard-casper.git
  revision: 146fc57a7ea31185a0ec2c8ce768719d23b2fbf0
  specs:
    guard-casper (0.1.1)
      childprocess
      guard (>= 0.8.3)

GEM
  remote: http://rubygems.org/
  specs:
    casperjs (1.0.0.RC1)
    childprocess (0.3.5)
      ffi (~> 1.0, >= 1.0.6)
    ffi (1.1.5)
    guard (1.3.2)
      listen (>= 0.4.2)
      thor (>= 0.14.6)
    listen (0.5.0)
    rb-inotify (0.8.8)
      ffi (>= 0.5.0)
    thor (0.16.0)

PLATFORMS
  ruby

DEPENDENCIES
  casperjs
  guard-casper!
  rb-inotify
